PATH
  remote: .
  specs:
    redis-retry (0.1.0)
      redis

GEM
  remote: http://rubygems.org/
  specs:
    git (1.2.5)
    jeweler (1.8.4)
      bundler (~> 1.0)
      git (>= 1.2.5)
      rake
      rdoc
    json (1.7.5)
    metaclass (0.0.1)
    mocha (0.12.5)
      metaclass (~> 0.0.1)
    rake (0.9.2.2)
    rdoc (3.12)
      json (~> 1.4)
    redis (3.0.1)

PLATFORMS
  ruby

DEPENDENCIES
  jeweler
  mocha
  rake
  redis
  redis-retry!
